GEM
  remote: https://rubygems.org/
  specs:
    backports (3.3.0)
    coderay (1.0.9)
    coffee-script (2.2.0)
      coffee-script-source
      execjs
    coffee-script-source (1.6.2)
    eventmachine (1.0.3)
    execjs (1.4.0)
      multi_json (~> 1.0)
    method_source (0.8.1)
    multi_json (1.7.2)
    nokogiri (1.5.9)
    pry (0.9.12.1)
      coderay (~> 1.0.5)
      method_source (~> 0.8)
      slop (~> 3.4)
    rack (1.5.2)
    rack-coffee (1.0.0)
      coffee-script
      rack
    rack-protection (1.5.0)
      rack
    rack-test (0.6.2)
      rack (>= 1.0)
    redis (3.0.4)
    redis-namespace (1.2.1)
      redis (~> 3.0.0)
    sinatra (1.4.2)
      rack (~> 1.5, >= 1.5.2)
      rack-protection (~> 1.4)
      tilt (~> 1.3, >= 1.3.4)
    sinatra-contrib (1.4.0)
      backports (>= 2.0)
      eventmachine
      rack-protection
      rack-test
      sinatra (~> 1.4.2)
      tilt (~> 1.3)
    slop (3.4.4)
    tilt (1.3.7)

PLATFORMS
  ruby

DEPENDENCIES
  coffee-script
  nokogiri
  pry
  rack-coffee
  redis
  redis-namespace
  sinatra
  sinatra-contrib
